GEM
  remote: https://rubygems.org/
  specs:
    backports (3.6.0)
    byebug (3.4.0)
      columnize (~> 0.8)
      debugger-linecache (~> 1.2)
      slop (~> 3.6)
    columnize (0.8.9)
    debugger-linecache (1.2.0)
    diff-lcs (1.2.5)
    docile (1.1.5)
    multi_json (1.10.1)
    pg (0.18.1)
    rack (1.5.2)
    rack-protection (1.5.3)
      rack
    rack-test (0.6.2)
      rack (>= 1.0)
    rake (10.3.2)
    rspec (3.1.0)
      rspec-core (~> 3.1.0)
      rspec-expectations (~> 3.1.0)
      rspec-mocks (~> 3.1.0)
    rspec-core (3.1.2)
      rspec-support (~> 3.1.0)
    rspec-expectations (3.1.0)
      diff-lcs (>= 1.2.0, < 2.0)
      rspec-support (~> 3.1.0)
    rspec-mocks (3.1.0)
      rspec-support (~> 3.1.0)
    rspec-support (3.1.0)
    sequel (4.21.0)
    simplecov (0.9.1)
      docile (~> 1.1.0)
      multi_json (~> 1.0)
      simplecov-html (~> 0.8.0)
    simplecov-html (0.8.0)
    sinatra (1.4.5)
      rack (~> 1.4)
      rack-protection (~> 1.4)
      tilt (~> 1.3, >= 1.3.4)
    sinatra-contrib (1.4.2)
      backports (>= 2.0)
      multi_json
      rack-protection
      rack-test
      sinatra (~> 1.4.0)
      tilt (~> 1.3)
    slop (3.6.0)
    tilt (1.4.1)

PLATFORMS
  ruby

DEPENDENCIES
  byebug
  pg
  rake
  rspec
  sequel
  simplecov
  sinatra
  sinatra-contrib
